GEM
  remote: https://rubygems.org/
  specs:
    ffi (1.9.25)
    ffi-coremidi (0.4.1)
      ffi (~> 1.9, >= 1.9.6)

PLATFORMS
  ruby

DEPENDENCIES
  ffi-coremidi

BUNDLED WITH
   1.17.1
